GEM
  remote: http://rubygems.org/
  specs:
    actionmailer (2.3.17)
      actionpack (= 2.3.17)
    actionpack (2.3.17)
      activesupport (= 2.3.17)
      rack (~> 1.1.0)
    activerecord (2.3.17)
      activesupport (= 2.3.17)
    activeresource (2.3.17)
      activesupport (= 2.3.17)
    activesupport (2.3.17)
    acts-as-taggable-on (2.1.1)
      rails
    addressable (2.3.3)
    adobe_connect (0.0.8)
      activesupport (>= 2.3.17)
      nokogiri (~> 1.5.5)
      pry (>= 0.9.11.4)
      rake (>= 0.9.2)
    authlogic (2.1.3)
      activesupport
    aws-s3-instructure (0.6.2.1352914936)
      builder
      mime-types
      xml-simple
    barby (0.5.0)
    bcrypt-ruby (3.0.1)
    bluecloth (2.0.10)
    bootstrap-sass (2.0.3.1)
    builder (2.1.2)
    canvas_connect (0.0.8)
      adobe_connect (>= 0.0.7)
      rake (>= 0.9.6)
    capistrano (2.14.2)
      highline
      net-scp (>= 1.0.0)
      net-sftp (>= 2.0.0)
      net-ssh (>= 2.0.14)
      net-ssh-gateway (>= 1.1.0)
    cassandra-cql (1.1.1)
      simple_uuid (>= 0.2.0)
      thrift_client (>= 0.7.1)
    childprocess (0.3.9)
      ffi (~> 1.0, >= 1.0.11)
    chunky_png (1.2.8)
    closure-compiler (1.1.8)
    coderay (1.0.9)
    coffee-script (2.2.0)
      coffee-script-source
      execjs
    coffee-script-source (1.4.0)
    columnize (0.3.6)
    compass (0.12.2)
      chunky_png (~> 1.2)
      fssm (>= 0.2.7)
      sass (~> 3.1)
    compass-rails (1.0.3)
      compass (>= 0.12.2, < 0.14)
    crocodoc-ruby (0.0.1)
      json
    daemons (1.1.0)
    debugger (1.1.3)
      columnize (>= 0.3.1)
      debugger-linecache (~> 1.1.1)
      debugger-ruby_core_source (~> 1.1.2)
    debugger-linecache (1.1.2)
      debugger-ruby_core_source (>= 1.1.1)
    debugger-ruby_core_source (1.1.9)
    diff-lcs (1.1.2)
    embedly (1.5.5)
      json
      oauth
      querystring
      typhoeus
    encrypted_cookie_store-instructure (1.0.2)
    erubis (2.7.0)
    execjs (1.4.0)
      multi_json (~> 1.0)
    ffi (1.1.5)
    foreigner (0.9.2)
    fssm (0.2.10)
    guard (1.6.0)
      listen (>= 0.6.0)
      lumberjack (>= 1.0.2)
      pry (>= 0.9.10)
      thor (>= 0.14.6)
    hairtrigger (0.1.14)
      activerecord (>= 2.3.0)
      activerecord (>= 2.3.0)
      ruby2ruby (= 1.2.5)
      ruby_parser (= 2.0.6)
    happymapper (0.4.0)
      libxml-ruby (~> 2.0)
    hashery (1.3.0)
    highline (1.6.1)
    hoe (3.5.2)
      rake (>= 0.8, < 11.0)
    i18n (0.6.0)
    icalendar (1.1.5)
    instructure-redis-store (1.0.0.2.instructure1)
      redis (= 3.0.1)
      redis (= 3.0.1)
    jammit (0.6.0)
      closure-compiler (>= 0.1.0)
      yui-compressor (>= 0.9.1)
    json (1.5.5)
    libwebsocket (0.1.8)
      addressable
      websocket
    libxml-ruby (2.3.2)
    listen (0.7.3)
    lumberjack (1.0.3)
    macaddr (1.0.0)
    mail (2.5.3)
      i18n (>= 0.4.0)
      mime-types (~> 1.16)
      treetop (~> 1.4.8)
    maildir (2.1.0)
    mailman (0.5.3)
      activesupport (>= 2.3.4)
      i18n (>= 0.4.1)
      listen (>= 0.4.1)
      mail (>= 2.0.3)
      maildir (>= 0.5.0)
    metaclass (0.0.1)
    method_source (0.8.1)
    mime-types (1.17.2)
    mini_magick (1.3.2)
      subexec (~> 0.0.4)
    mocha (0.12.3)
      metaclass (~> 0.0.1)
    moodle2cc (0.1.6)
      builder
      happymapper
      nokogiri
      rdiscount
      rubyzip
      thor
    multi_json (1.7.2)
    mysql (2.8.1)
    net-ldap (0.3.1)
    net-scp (1.1.0)
      net-ssh (>= 2.6.5)
    net-sftp (2.1.1)
      net-ssh (>= 2.6.5)
    net-ssh (2.6.6)
    net-ssh-gateway (1.2.0)
      net-ssh (>= 2.6.5)
    netaddr (1.5.0)
    nokogiri (1.5.5)
    oauth (0.4.5)
    parallel (0.5.16)
    parallelized_specs (0.4.16)
      parallel
    pg (0.10.1)
    polyglot (0.3.3)
    pry (0.9.12)
      coderay (~> 1.0.5)
      method_source (~> 0.8)
      slop (~> 3.4)
    querystring (0.1.0)
    rack (1.1.3)
    rack-test (0.6.2)
      rack (>= 1.0)
    rails (2.3.17)
      actionmailer (= 2.3.17)
      actionpack (= 2.3.17)
      activerecord (= 2.3.17)
      activeresource (= 2.3.17)
      activesupport (= 2.3.17)
      rake (>= 0.8.3)
    rake (0.9.6)
    ratom-instructure (0.6.9)
      libxml-ruby (>= 1.1.2)
    rb-fchange (0.0.6)
      ffi
    rb-fsevent (0.9.3)
    rb-inotify (0.8.8)
      ffi (>= 0.5.0)
    rcov (0.9.9)
    rdiscount (1.6.8)
    rdoc (3.12)
      json (~> 1.4)
    recaptcha (0.3.1)
    redis (3.0.1)
    require_relative (1.0.1)
    ritex (1.0.1)
    rmagick (2.13.2)
    rotp (1.4.1)
    rqrcode (0.4.2)
    rscribd (1.2.0)
      mime-types
    rspec (1.3.2)
    rspec-rails (1.3.4)
      rack (>= 1.0.0)
      rspec (~> 1.3.1)
    ruby-prof (0.13.0)
    ruby-saml-mod (0.1.20)
      ffi
      libxml-ruby (>= 2.3.0)
    ruby2ruby (1.2.5)
      ruby_parser (~> 2.0)
      sexp_processor (~> 3.0)
    ruby_parser (2.0.6)
      sexp_processor (~> 3.0)
    rubycas-client (2.2.1)
      activesupport
    rubyzip (0.9.5)
    rufus-scheduler (2.0.6)
    safe_yaml-instructure (0.8.0)
    sanitize (2.0.3)
      nokogiri (>= 1.4.4, < 1.6)
    sass (3.2.3)
    selenium-webdriver (2.27.2)
      childprocess (>= 0.2.5)
      libwebsocket (~> 0.1.3)
      multi_json (~> 1.0)
      rubyzip
    sexp_processor (3.0.5)
    simple_uuid (0.3.0)
    slop (3.4.4)
    soap4r-middleware (0.8.3)
      soap4r-ruby1.9 (= 2.0.0)
    soap4r-ruby1.9 (2.0.0)
    sqlite3-ruby (1.3.2)
    statsd-ruby (1.0.0)
    subexec (0.0.4)
    test-unit (1.2.3)
      hoe (>= 1.5.1)
    thor (0.18.1)
    thrift (0.9.0)
    thrift_client (0.9.1)
      thrift (~> 0.9.0)
    timecop (0.5.9.1)
    treetop (1.4.12)
      polyglot
      polyglot (>= 0.3.1)
    typhoeus (0.3.3)
      mime-types
    tzinfo (0.3.35)
    uuid (2.3.2)
      macaddr (~> 1.0)
    webrat (0.7.3)
      nokogiri (>= 1.2.0)
      rack (>= 1.0)
      rack-test (>= 0.5.3)
    websocket (1.0.7)
    will_paginate (2.3.15)
    xml-simple (1.0.12)
    ya2yaml (0.30)
    yard (0.8.0)
    yard-appendix (0.1.8)
      yard (>= 0.8.0)
    yui-compressor (0.9.4)

PLATFORMS
  ruby

DEPENDENCIES
  acts-as-taggable-on (~> 2.1.0)
  authlogic (= 2.1.3)
  aws-s3-instructure (= 0.6.2.1352914936)
  barby (= 0.5.0)
  bcrypt-ruby (= 3.0.1)
  bluecloth (= 2.0.10)
  bootstrap-sass (= 2.0.3.1)
  builder (= 2.1.2)
  canvas_connect (= 0.0.8)
  capistrano
  cassandra-cql (= 1.1.1)
  coffee-script
  coffee-script-source (= 1.4.0)
  compass-rails (= 1.0.3)
  crocodoc-ruby (= 0.0.1)
  daemons (= 1.1.0)
  debugger (= 1.1.3)
  diff-lcs (= 1.1.2)
  embedly (= 1.5.5)
  encrypted_cookie_store-instructure (= 1.0.2)
  erubis (= 2.7.0)
  ffi (= 1.1.5)
  foreigner (= 0.9.2)
  guard (~> 1.6.0)
  hairtrigger (= 0.1.14)
  hashery (= 1.3.0)
  highline (= 1.6.1)
  i18n (= 0.6.0)
  icalendar (= 1.1.5)
  instructure-redis-store (= 1.0.0.2.instructure1)
  jammit (= 0.6.0)
  json (= 1.5.5)
  libxml-ruby (= 2.3.2)
  macaddr (= 1.0.0)
  mail (= 2.5.3)
  mailman (= 0.5.3)
  mime-types (= 1.17.2)
  mini_magick (= 1.3.2)
  mocha (= 0.12.3)
  moodle2cc (= 0.1.6)
  mysql (= 2.8.1)
  net-ldap (= 0.3.1)
  netaddr (= 1.5.0)
  nokogiri (= 1.5.5)
  oauth (= 0.4.5)
  parallel (= 0.5.16)
  parallelized_specs (= 0.4.16)
  pg (= 0.10.1)
  rack (= 1.1.3)
  rails (= 2.3.17)
  rake (< 0.10)
  ratom-instructure (= 0.6.9)
  rb-fchange
  rb-fsevent
  rb-inotify (~> 0.8.8)
  rcov (= 0.9.9)
  rdiscount (= 1.6.8)
  rdoc (= 3.12)
  recaptcha (= 0.3.1)
  redis (= 3.0.1)
  require_relative (= 1.0.1)
  ritex (= 1.0.1)
  rmagick
  rotp (= 1.4.1)
  rqrcode (= 0.4.2)
  rscribd (= 1.2.0)
  rspec (= 1.3.2)
  rspec-rails (= 1.3.4)
  ruby-prof
  ruby-saml-mod (= 0.1.20)
  ruby_parser (= 2.0.6)
  rubycas-client (= 2.2.1)
  rubyzip (= 0.9.5)
  rufus-scheduler (= 2.0.6)
  safe_yaml-instructure (= 0.8.0)
  sanitize (= 2.0.3)
  sass (= 3.2.3)
  selenium-webdriver (= 2.27.2)
  sexp_processor (= 3.0.5)
  soap4r-middleware (= 0.8.3)
  sqlite3-ruby (= 1.3.2)
  statsd-ruby (= 1.0.0)
  test-unit (= 1.2.3)
  timecop (= 0.5.9.1)
  tzinfo (= 0.3.35)
  uuid (= 2.3.2)
  webrat (= 0.7.3)
  will_paginate (= 2.3.15)
  xml-simple (= 1.0.12)
  ya2yaml (= 0.30)
  yard (= 0.8.0)
  yard-appendix (>= 0.1.8)
  yui-compressor (= 0.9.4)
